PATH
  remote: .
  specs:
    bootstrap-select-rails (1.0.0)

GEM
  remote: https://rubygems.org/
  specs:

PLATFORMS
  x86_64-linux

DEPENDENCIES
  bootstrap-select-rails!
  bundler (~> 2.0)

BUNDLED WITH
   2.2.14
